GEM
  remote: https://rubygems.org/
  specs:
    dotenv (2.0.1)
    hashie (3.4.1)
    json (1.8.2)
    oauth (0.4.7)
    omniauth (1.2.2)
      hashie (>= 1.2, < 4)
      rack (~> 1.0)
    omniauth-oauth (1.1.0)
      oauth
      omniauth (~> 1.0)
    omniauth-twitter (1.2.0)
      json (~> 1.3)
      omniauth-oauth (~> 1.1)
    pg (0.18.1)
    rack (1.6.1)
    rack-protection (1.5.3)
      rack
    rake (10.4.2)
    sequel (4.21.0)
    sinatra (1.4.6)
      rack (~> 1.4)
      rack-protection (~> 1.4)
      tilt (>= 1.3, < 3)
    sqlite3 (1.3.10)
    tilt (2.0.1)

PLATFORMS
  ruby

DEPENDENCIES
  dotenv
  omniauth
  omniauth-twitter
  pg
  rake
  sequel
  sinatra
  sqlite3
